GEM
  remote: http://rubygems.org/
  specs:
    actionmailer (2.3.11)
      actionpack (= 2.3.11)
    actionpack (2.3.11)
      activesupport (= 2.3.11)
      rack (~> 1.1.0)
    activerecord (2.3.11)
      activesupport (= 2.3.11)
    activeresource (2.3.11)
      activesupport (= 2.3.11)
    activesupport (2.3.11)
    babosa (0.2.2)
    devise (1.0.3)
      warden (~> 0.9.4)
    formtastic (1.2.3)
      actionpack (>= 2.3.7)
      activesupport (>= 2.3.7)
      i18n (~> 0.4)
    friendly_id (3.2.1)
      babosa (~> 0.2.1)
    haml (3.0.25)
    has_scope (0.4.2)
    i18n (0.5.0)
    inherited_resources (1.0.3)
      has_scope (~> 0.4.2)
      responders (~> 0.4.3)
    rack (1.1.1)
    rails (2.3.11)
      actionmailer (= 2.3.11)
      actionpack (= 2.3.11)
      activerecord (= 2.3.11)
      activeresource (= 2.3.11)
      activesupport (= 2.3.11)
      rake (>= 0.8.3)
    rake (0.8.7)
    responders (0.4.7)
    subdomain_routes (0.3.1)
      actionpack (>= 2.2.1)
    warden (0.9.5)
      rack (>= 1.0.0)
    will_paginate (2.3.15)

PLATFORMS
  ruby

DEPENDENCIES
  devise (= 1.0.3)
  formtastic (>= 0.9.7)
  friendly_id (>= 2.2.7)
  haml (>= 2.2.17)
  inherited_resources (= 1.0.3)
  rails (~> 2.3.5)
  subdomain_routes (>= 0.3.1)
  warden (= 0.9.5)
  will_paginate (>= 2.3.12)
